GEM
  remote: http://rubygems.org/
  specs:
    docile (1.1.5)
    ffi (1.9.18)
    ffi (1.9.18-x86-mingw32)
    json (2.0.3)
    listen (3.1.5)
      rb-fsevent (~> 0.9, >= 0.9.4)
      rb-inotify (~> 0.9, >= 0.9.7)
      ruby_dep (~> 1.2)
    rb-fsevent (0.9.8)
    rb-inotify (0.9.8)
      ffi (>= 0.5.0)
    ruby_dep (1.5.0)
    simplecov (0.14.1)
      docile (~> 1.1.0)
      json (>= 1.8, < 3)
      simplecov-html (~> 0.10.0)
    simplecov-html (0.10.0)
    thor (0.19.4)

PLATFORMS
  ruby
  x86-mingw32

DEPENDENCIES
  json (= 2.0.3)
  listen (~> 3.0)
  simplecov
  thor (= 0.19.4)

BUNDLED WITH
   1.14.6
